GIT
  remote: https://github.com/sleepingkingstudios/cuprum-collections
  revision: 3d2023d3923a3bbd813d4143677c06469d5a8366
  branch: main
  specs:
    cuprum-collections (0.3.0)
      cuprum (~> 1.1)
      stannum (~> 0.3)

GIT
  remote: https://github.com/sleepingkingstudios/cuprum-collections-loader
  revision: fa3dc75cdf1ec98bea65564d84ed327820a55b37
  branch: main
  specs:
    cuprum-collections-loader (0.0.1)
      cuprum-collections (~> 0.2)
      observer (~> 0.1)

GIT
  remote: https://github.com/sleepingkingstudios/cuprum-rails
  revision: ee309f1b60e7bc30f4dc75be6b52a2c09de6f045
  branch: main
  specs:
    cuprum-rails (0.2.0.alpha)
      cuprum (~> 1.1)
      cuprum-collections (~> 0.2)
      rails (>= 6.0, < 8)
      stannum (~> 0.3)

GIT
  remote: https://github.com/sleepingkingstudios/librum-core
  revision: 0b679a89b28c7167f9fda4cf92b480ab2b137e70
  branch: main
  specs:
    librum-core (0.1.0)
      annotate (~> 3.2)
      cuprum (~> 1.1)
      cuprum-collections
      cuprum-rails
      diffy (~> 3.4.2)
      pg (~> 1.5)
      rails (~> 7.0.4)
      stannum (~> 0.3)
      view_component (~> 3.0)

GIT
  remote: https://github.com/sleepingkingstudios/librum-iam
  revision: 3a4c29dc4d100bdf8d921b80115fae61a9777d36
  branch: main
  specs:
    librum-iam (0.1.0)
      bcrypt (~> 3.1.19)
      cuprum (~> 1.1)
      cuprum-rails (~> 0.1)
      jwt (~> 2.7)
      librum-core
      pg (~> 1.5)
      rails (~> 7.0.5)

GIT
  remote: https://github.com/sleepingkingstudios/librum-tabletop
  revision: 2ea4c3e06cae235e9f93f424792b580632ad9ef6
  branch: main
  specs:
    librum-tabletop (0.1.0)
      librum-core
      pg (~> 1.5)
      rails (~> 7.0.6)

GEM
  remote: https://rubygems.org/
  specs:
    actioncable (7.0.8.6)
      actionpack (= 7.0.8.6)
      activesupport (= 7.0.8.6)
      nio4r (~> 2.0)
      websocket-driver (>= 0.6.1)
    actionmailbox (7.0.8.6)
      actionpack (= 7.0.8.6)
      activejob (= 7.0.8.6)
      activerecord (= 7.0.8.6)
      activestorage (= 7.0.8.6)
      activesupport (= 7.0.8.6)
      mail (>= 2.7.1)
      net-imap
      net-pop
      net-smtp
    actionmailer (7.0.8.6)
      actionpack (= 7.0.8.6)
      actionview (= 7.0.8.6)
      activejob (= 7.0.8.6)
      activesupport (= 7.0.8.6)
      mail (~> 2.5, >= 2.5.4)
      net-imap
      net-pop
      net-smtp
      rails-dom-testing (~> 2.0)
    actionpack (7.0.8.6)
      actionview (= 7.0.8.6)
      activesupport (= 7.0.8.6)
      rack (~> 2.0, >= 2.2.4)
      rack-test (>= 0.6.3)
      rails-dom-testing (~> 2.0)
      rails-html-sanitizer (~> 1.0, >= 1.2.0)
    actiontext (7.0.8.6)
      actionpack (= 7.0.8.6)
      activerecord (= 7.0.8.6)
      activestorage (= 7.0.8.6)
      activesupport (= 7.0.8.6)
      globalid (>= 0.6.0)
      nokogiri (>= 1.8.5)
    actionview (7.0.8.6)
      activesupport (= 7.0.8.6)
      builder (~> 3.1)
      erubi (~> 1.4)
      rails-dom-testing (~> 2.0)
      rails-html-sanitizer (~> 1.1, >= 1.2.0)
    activejob (7.0.8.6)
      activesupport (= 7.0.8.6)
      globalid (>= 0.3.6)
    activemodel (7.0.8.6)
      activesupport (= 7.0.8.6)
    activerecord (7.0.8.6)
      activemodel (= 7.0.8.6)
      activesupport (= 7.0.8.6)
    activestorage (7.0.8.6)
      actionpack (= 7.0.8.6)
      activejob (= 7.0.8.6)
      activerecord (= 7.0.8.6)
      activesupport (= 7.0.8.6)
      marcel (~> 1.0)
      mini_mime (>= 1.1.0)
    activesupport (7.0.8.6)
      concurrent-ruby (~> 1.0, >= 1.0.2)
      i18n (>= 1.6, < 2)
      minitest (>= 5.1)
      tzinfo (~> 2.0)
    annotate (3.2.0)
      activerecord (>= 3.2, < 8.0)
      rake (>= 10.4, < 14.0)
    ast (2.4.2)
    bcrypt (3.1.19)
    bindex (0.8.1)
    builder (3.3.0)
    byebug (11.1.3)
    concurrent-ruby (1.3.3)
    crass (1.0.6)
    cuprum (1.2.0)
      sleeping_king_studios-tools (~> 1.0)
    date (3.3.4)
    debug (1.4.0)
      irb (>= 1.3.6)
      reline (>= 0.2.7)
    diff-lcs (1.5.0)
    diffy (3.4.2)
    docile (1.4.0)
    erubi (1.13.0)
    factory_bot (6.2.0)
      activesupport (>= 5.0.0)
    factory_bot_rails (6.2.0)
      factory_bot (~> 6.2.0)
      railties (>= 5.0.0)
    globalid (1.2.1)
      activesupport (>= 6.1)
    hashdiff (0.3.9)
    i18n (1.14.5)
      concurrent-ruby (~> 1.0)
    importmap-rails (1.0.2)
      actionpack (>= 6.0.0)
      railties (>= 6.0.0)
    io-console (0.5.11)
    irb (1.4.1)
      reline (>= 0.3.0)
    json (2.7.4)
    jwt (2.7.1)
    language_server-protocol (3.17.0.3)
    loofah (2.22.0)
      crass (~> 1.0.2)
      nokogiri (>= 1.12.0)
    mail (2.8.1)
      mini_mime (>= 0.1.1)
      net-imap
      net-pop
      net-smtp
    marcel (1.0.4)
    method_source (1.1.0)
    mini_mime (1.1.5)
    minitest (5.24.0)
    net-imap (0.5.0)
      date
      net-protocol
    net-pop (0.1.2)
      net-protocol
    net-protocol (0.2.2)
      timeout
    net-smtp (0.5.0)
      net-protocol
    nio4r (2.7.3)
    nokogiri (1.16.6-x86_64-darwin)
      racc (~> 1.4)
    nokogiri (1.16.6-x86_64-linux)
      racc (~> 1.4)
    observer (0.1.1)
    parallel (1.26.3)
    parser (3.3.5.0)
      ast (~> 2.4.1)
      racc
    pg (1.5.3)
    puma (6.4.3)
      nio4r (~> 2.0)
    racc (1.8.0)
    rack (2.2.9)
    rack-test (2.1.0)
      rack (>= 1.3)
    rails (7.0.8.6)
      actioncable (= 7.0.8.6)
      actionmailbox (= 7.0.8.6)
      actionmailer (= 7.0.8.6)
      actionpack (= 7.0.8.6)
      actiontext (= 7.0.8.6)
      actionview (= 7.0.8.6)
      activejob (= 7.0.8.6)
      activemodel (= 7.0.8.6)
      activerecord (= 7.0.8.6)
      activestorage (= 7.0.8.6)
      activesupport (= 7.0.8.6)
      bundler (>= 1.15.0)
      railties (= 7.0.8.6)
    rails-dom-testing (2.2.0)
      activesupport (>= 5.0.0)
      minitest
      nokogiri (>= 1.6)
    rails-html-sanitizer (1.6.0)
      loofah (~> 2.21)
      nokogiri (~> 1.14)
    railties (7.0.8.6)
      actionpack (= 7.0.8.6)
      activesupport (= 7.0.8.6)
      method_source
      rake (>= 12.2)
      thor (~> 1.0)
      zeitwerk (~> 2.5)
    rainbow (3.1.1)
    rake (13.2.1)
    regexp_parser (2.9.2)
    reline (0.3.1)
      io-console (~> 0.5)
    rspec (3.10.0)
      rspec-core (~> 3.10.0)
      rspec-expectations (~> 3.10.0)
      rspec-mocks (~> 3.10.0)
    rspec-core (3.10.1)
      rspec-support (~> 3.10.0)
    rspec-expectations (3.10.2)
      diff-lcs (>= 1.2.0, < 2.0)
      rspec-support (~> 3.10.0)
    rspec-mocks (3.10.2)
      diff-lcs (>= 1.2.0, < 2.0)
      rspec-support (~> 3.10.0)
    rspec-rails (5.0.2)
      actionpack (>= 5.2)
      activesupport (>= 5.2)
      railties (>= 5.2)
      rspec-core (~> 3.10)
      rspec-expectations (~> 3.10)
      rspec-mocks (~> 3.10)
      rspec-support (~> 3.10)
    rspec-sleeping_king_studios (2.7.0)
      hashdiff (~> 0.3.8)
      rspec (~> 3.4)
      sleeping_king_studios-tools (>= 0.8.0, < 2)
    rspec-support (3.10.3)
    rubocop (1.67.0)
      json (~> 2.3)
      language_server-protocol (>= 3.17.0)
      parallel (~> 1.10)
      parser (>= 3.3.0.2)
      rainbow (>= 2.2.2, < 4.0)
      regexp_parser (>= 2.4, < 3.0)
      rubocop-ast (>= 1.32.2, < 2.0)
      ruby-progressbar (~> 1.7)
      unicode-display_width (>= 2.4.0, < 3.0)
    rubocop-ast (1.32.3)
      parser (>= 3.3.1.0)
    rubocop-capybara (2.21.0)
      rubocop (~> 1.41)
    rubocop-factory_bot (2.26.1)
      rubocop (~> 1.61)
    rubocop-rails (2.27.0)
      activesupport (>= 4.2.0)
      rack (>= 1.1)
      rubocop (>= 1.52.0, < 2.0)
      rubocop-ast (>= 1.31.1, < 2.0)
    rubocop-rspec (3.2.0)
      rubocop (~> 1.61)
    rubocop-rspec_rails (2.30.0)
      rubocop (~> 1.61)
      rubocop-rspec (~> 3, >= 3.0.1)
    ruby-progressbar (1.13.0)
    simplecov (0.21.2)
      docile (~> 1.1)
      simplecov-html (~> 0.11)
      simplecov_json_formatter (~> 0.1)
    simplecov-html (0.12.3)
    simplecov_json_formatter (0.1.3)
    sleeping_king_studios-tasks (0.4.1)
      erubi (~> 1.6)
      sleeping_king_studios-tools (>= 0.8.0, < 2)
      thor (>= 0.19.4, < 2.0)
    sleeping_king_studios-tools (1.1.1)
    sprockets (4.0.2)
      concurrent-ruby (~> 1.0)
      rack (> 1, < 3)
    sprockets-rails (3.4.2)
      actionpack (>= 5.2)
      activesupport (>= 5.2)
      sprockets (>= 3.0.0)
    stannum (0.3.0)
      sleeping_king_studios-tools (~> 1.1.0)
    thor (1.3.1)
    timeout (0.4.1)
    tzinfo (2.0.6)
      concurrent-ruby (~> 1.0)
    unicode-display_width (2.6.0)
    view_component (3.10.0)
      activesupport (>= 5.2.0, < 8.0)
      concurrent-ruby (~> 1.0)
      method_source (~> 1.0)
    web-console (4.2.0)
      actionview (>= 6.0.0)
      activemodel (>= 6.0.0)
      bindex (>= 0.4.0)
      railties (>= 6.0.0)
    websocket-driver (0.7.6)
      websocket-extensions (>= 0.1.0)
    websocket-extensions (0.1.5)
    zeitwerk (2.6.16)

PLATFORMS
  x86_64-darwin-20
  x86_64-darwin-23
  x86_64-linux

DEPENDENCIES
  byebug
  cuprum (~> 1.2)
  cuprum-collections!
  cuprum-collections-loader!
  cuprum-rails!
  debug
  factory_bot_rails (~> 6.2)
  importmap-rails
  librum-core!
  librum-iam!
  librum-tabletop!
  pg (~> 1.5)
  puma (~> 6.4, >= 6.4.3)
  rails (~> 7.0.8, >= 7.0.8.6)
  rspec (~> 3.10)
  rspec-rails (~> 5.0)
  rspec-sleeping_king_studios (~> 2.7)
  rubocop (~> 1.67)
  rubocop-capybara (~> 2.21)
  rubocop-factory_bot (~> 2.26)
  rubocop-rails (~> 2.27)
  rubocop-rspec (~> 3.2)
  rubocop-rspec_rails (~> 2.30)
  simplecov (~> 0.21)
  sleeping_king_studios-tasks (~> 0.4, >= 0.4.1)
  sprockets-rails
  stannum (~> 0.3)
  view_component (~> 3.0)
  web-console

RUBY VERSION
   ruby 3.3.5p100

BUNDLED WITH
   2.4.10
